GIT
  remote: https://github.com/ComputeStacks/docker-api
  revision: 21bf28313a9984c4523774ff6f6a046ea4103ecf
  ref: 21bf283
  specs:
    docker-api (1.34.2)
      excon (>= 0.47.0)
      multi_json

PATH
  remote: .
  specs:
    docker_volume_nfs (0.2.6)
      activesupport (> 5.0)
      bcrypt_pbkdf (> 1.0)
      docker-api
      ed25519 (> 1.2)
      net-ssh (> 6.0)

GEM
  remote: https://rubygems.org/
  specs:
    activesupport (6.0.3.3)
      concurrent-ruby (~> 1.0, >= 1.0.2)
      i18n (>= 0.7, < 2)
      minitest (~> 5.1)
      tzinfo (~> 1.1)
      zeitwerk (~> 2.2, >= 2.2.2)
    ansi (1.5.0)
    bcrypt_pbkdf (1.0.1)
    builder (3.2.4)
    concurrent-ruby (1.1.7)
    ed25519 (1.2.4)
    excon (0.76.0)
    i18n (1.8.5)
      concurrent-ruby (~> 1.0)
    minitest (5.14.2)
    minitest-reporters (1.4.2)
      ansi
      builder
      minitest (>= 5.0)
      ruby-progressbar
    multi_json (1.15.0)
    net-ssh (6.1.0)
    rake (12.3.3)
    ruby-progressbar (1.10.1)
    thread_safe (0.3.6)
    tzinfo (1.2.7)
      thread_safe (~> 0.1)
    vcr (6.0.0)
    zeitwerk (2.4.0)

PLATFORMS
  ruby

DEPENDENCIES
  docker-api!
  docker_volume_nfs!
  minitest (~> 5.13)
  minitest-reporters (> 1)
  rake (~> 12.0)
  vcr (~> 6.0)

BUNDLED WITH
   2.1.4
